GEM
  remote: https://rubygems.org/
  specs:
    addressable (2.5.0)
      public_suffix (~> 2.0, >= 2.0.2)
    airbrussh (1.1.2)
      sshkit (>= 1.6.1, != 1.7.0)
    archive-zip (0.9.0)
      io-like (~> 0.3.0)
    bcrypt_pbkdf (1.0.0)
    bitclust-core (0.9.4)
      progressbar
      rack
    bitclust-dev (0.9.4)
      bitclust-core (= 0.9.4)
    capistrano (3.7.2)
      airbrussh (>= 1.0.0)
      capistrano-harrow
      i18n
      rake (>= 10.0.0)
      sshkit (>= 1.9.0)
    capistrano-bundler (1.2.0)
      capistrano (~> 3.1)
      sshkit (~> 1.2)
    capistrano-harrow (0.5.3)
    capistrano-rbenv (2.1.0)
      capistrano (~> 3.1)
      sshkit (~> 1.3)
    capybara (2.12.0)
      addressable
      mime-types (>= 1.16)
      nokogiri (>= 1.3.3)
      rack (>= 1.0.0)
      rack-test (>= 0.5.4)
      xpath (~> 2.0)
    ffi (1.9.17)
    gqtp (1.0.6)
    groonga-client (0.4.1)
      gqtp (>= 1.0.4)
      groonga-command (>= 1.2.8)
      groonga-command-parser (>= 1.0.7)
      hashie
    groonga-command (1.3.2)
      json
    groonga-command-parser (1.0.9)
      groonga-command (>= 1.3.2)
      json-stream
    hashie (3.5.3)
    i18n (0.8.0)
    io-like (0.3.0)
    json (2.0.3)
    json-stream (0.2.1)
    mime-types (3.1)
      mime-types-data (~> 3.2015)
    mime-types-data (3.2016.0521)
    mini_portile2 (2.1.0)
    net-scp (1.2.1)
      net-ssh (>= 2.6.5)
    net-ssh (4.0.1)
    nokogiri (1.7.0.1)
      mini_portile2 (~> 2.1.0)
    pkg-config (1.1.7)
    power_assert (1.0.1)
    progressbar (1.8.2)
    public_suffix (2.0.5)
    rack (2.0.1)
    rack-protection (1.5.3)
      rack
    rack-test (0.6.3)
      rack (>= 1.0)
    racknga (0.9.3)
      rack
      rroonga
    rake (12.0.0)
    rbnacl (4.0.1)
      ffi
    rbnacl-libsodium (1.0.11)
      rbnacl (>= 3.0.1)
    rroonga (6.1.3)
      archive-zip
      groonga-client (>= 0.0.3)
      json
      pkg-config
    sshkit (1.12.0)
      net-scp (>= 1.1.2)
      net-ssh (>= 2.8.0)
    test-unit (3.2.3)
      power_assert
    test-unit-capybara (1.0.5)
      capybara (>= 2.1.0)
      json
      test-unit (>= 2.5.3)
    test-unit-notify (1.0.4)
      test-unit (>= 2.4.9)
    xpath (2.0.0)
      nokogiri (~> 1.3)

PLATFORMS
  ruby

DEPENDENCIES
  bcrypt_pbkdf
  bitclust-core
  bitclust-dev
  capistrano
  capistrano-bundler
  capistrano-rbenv
  rack-protection
  racknga
  rake
  rbnacl
  rbnacl-libsodium
  rroonga
  test-unit
  test-unit-capybara
  test-unit-notify

BUNDLED WITH
   1.14.4
