GEM
  remote: https://rubygems.org/
  specs:
    addressable (2.4.0)
    airbrussh (1.0.1)
      sshkit (>= 1.6.1, != 1.7.0)
    archive-zip (0.8.0)
      io-like (~> 0.3.0)
    bitclust-core (0.9.0)
      progressbar
      rack
    bitclust-dev (0.9.0)
      bitclust-core (= 0.9.0)
    capistrano (3.5.0)
      airbrussh (>= 1.0.0)
      capistrano-harrow
      i18n
      rake (>= 10.0.0)
      sshkit (>= 1.9.0)
    capistrano-bundler (1.1.4)
      capistrano (~> 3.1)
      sshkit (~> 1.2)
    capistrano-harrow (0.4.0)
    capistrano-rbenv (2.0.4)
      capistrano (~> 3.1)
      sshkit (~> 1.3)
    capybara (2.7.1)
      addressable
      mime-types (>= 1.16)
      nokogiri (>= 1.3.3)
      rack (>= 1.0.0)
      rack-test (>= 0.5.4)
      xpath (~> 2.0)
    gqtp (1.0.6)
    groonga-client (0.2.5)
      gqtp (>= 1.0.4)
      groonga-command (>= 1.2.0)
      hashie
    groonga-command (1.2.0)
      json
    hashie (3.4.4)
    i18n (0.7.0)
    io-like (0.3.0)
    json (1.8.3)
    mime-types (3.0)
      mime-types-data (~> 3.2015)
    mime-types-data (3.2016.0221)
    mini_portile2 (2.0.0)
    net-scp (1.2.1)
      net-ssh (>= 2.6.5)
    net-ssh (3.1.1)
    nokogiri (1.6.7.2)
      mini_portile2 (~> 2.0.0.rc2)
    pkg-config (1.1.7)
    power_assert (0.3.0)
    progressbar (0.21.0)
    rack (1.6.4)
    rack-protection (1.5.3)
      rack
    rack-test (0.6.3)
      rack (>= 1.0)
    racknga (0.9.3)
      rack
      rroonga
    rake (11.1.2)
    rroonga (6.0.0)
      archive-zip
      groonga-client (>= 0.0.3)
      json
      pkg-config
    sshkit (1.10.0)
      net-scp (>= 1.1.2)
      net-ssh (>= 2.8.0)
    test-unit (3.1.8)
      power_assert
    test-unit-capybara (1.0.5)
      capybara (>= 2.1.0)
      json
      test-unit (>= 2.5.3)
    test-unit-notify (1.0.4)
      test-unit (>= 2.4.9)
    xpath (2.0.0)
      nokogiri (~> 1.3)

PLATFORMS
  ruby

DEPENDENCIES
  bitclust-core
  bitclust-dev
  capistrano
  capistrano-bundler
  capistrano-rbenv
  rack-protection
  racknga
  rake
  rroonga
  test-unit
  test-unit-capybara
  test-unit-notify

BUNDLED WITH
   1.12.1
