GEM
  remote: https://rubygems.org/
  specs:
    archive-zip (0.7.0)
      io-like (~> 0.3.0)
    bitclust-core (0.8.0)
      progressbar
      rack
    bitclust-dev (0.8.0)
      bitclust-core (= 0.8.0)
    capistrano (3.2.1)
      i18n
      rake (>= 10.0.0)
      sshkit (~> 1.3)
    capistrano-bundler (1.1.3)
      capistrano (~> 3.1)
      sshkit (~> 1.2)
    capistrano-rbenv (2.0.2)
      capistrano (~> 3.1)
      sshkit (~> 1.3)
    capybara (2.4.4)
      mime-types (>= 1.16)
      nokogiri (>= 1.3.3)
      rack (>= 1.0.0)
      rack-test (>= 0.5.4)
      xpath (~> 2.0)
    colorize (0.7.3)
    gqtp (1.0.6)
    groonga-client (0.0.9)
      gqtp (>= 1.0.4)
      groonga-command (>= 1.0.8)
    groonga-command (1.0.9)
      json
    i18n (0.6.11)
    io-like (0.3.0)
    json (1.8.1)
    mime-types (2.4.2)
    mini_portile (0.6.0)
    net-scp (1.2.1)
      net-ssh (>= 2.6.5)
    net-ssh (2.9.1)
    nokogiri (1.6.3.1)
      mini_portile (= 0.6.0)
    pkg-config (1.1.5)
    power_assert (0.1.4)
    progressbar (0.21.0)
    rack (1.5.2)
    rack-test (0.6.2)
      rack (>= 1.0)
    racknga (0.9.3)
      rack
      rroonga
    rake (10.3.2)
    rroonga (4.0.5)
      archive-zip
      groonga-client (>= 0.0.3)
      json
      pkg-config
    sshkit (1.5.1)
      colorize
      net-scp (>= 1.1.2)
      net-ssh (>= 2.8.0)
    test-unit (3.0.2)
      power_assert
    test-unit-capybara (1.0.4)
      capybara (>= 2.1.0)
      json
      test-unit (>= 2.5.3)
    test-unit-notify (1.0.4)
      test-unit (>= 2.4.9)
    xpath (2.0.0)
      nokogiri (~> 1.3)

PLATFORMS
  ruby

DEPENDENCIES
  bitclust-core
  bitclust-dev
  capistrano
  capistrano-bundler
  capistrano-rbenv
  racknga
  rake
  rroonga
  test-unit
  test-unit-capybara
  test-unit-notify
